GEM
  remote: http://rubygems.org/
  specs:
    RedCloth (4.2.7)
    Saikuro (1.1.0)
    actionmailer (2.3.11)
      actionpack (= 2.3.11)
    actionpack (2.3.11)
      activesupport (= 2.3.11)
      rack (~> 1.1.0)
    activerecord (2.3.11)
      activesupport (= 2.3.11)
    activeresource (2.3.11)
      activesupport (= 2.3.11)
    activesupport (2.3.11)
    acts-as-taggable-on (1.0.18)
    acts_as_commentable (2.0.2)
    addressable (2.2.6)
    arrayfields (4.7.4)
    authlogic (2.1.3)
      activesupport
    brhelper (2.1.10)
      actionpack (>= 1.13.6)
      activesupport (>= 1.4.2)
    cancan (1.0.2)
    chronic (0.2.3)
      hoe (>= 1.2.1)
    churn (0.0.13)
      chronic (>= 0.2.3)
      hirb
      json_pure
      main
      ruby_parser (~> 2.0.4)
      sexp_processor (~> 3.0.3)
    colored (1.2)
    dry_scaffold (0.3.7)
      haml
    erubis (2.7.0)
    factory_girl (1.2.3)
    fattr (2.2.0)
    flay (1.4.2)
      ruby_parser (~> 2.0)
      sexp_processor (~> 3.0)
    flog (2.5.1)
      ruby_parser (~> 2.0)
      sexp_processor (~> 3.0)
    formtastic (0.9.7)
      actionpack (>= 2.3.0)
      activesupport (>= 2.3.0)
    haml (2.2.10)
    has_scope (0.4)
    heroku (2.19.2)
      launchy (>= 0.3.2)
      rest-client (~> 1.6.1)
      rubyzip
      term-ansicolor (~> 1.0.5)
    hirb (0.4.5)
    hoe (2.8.0)
      rake (>= 0.8.7)
    i18n (0.6.0)
    inherited_resources (1.0.0)
      has_scope (>= 0.3)
      responders (>= 0.2)
    json_pure (1.5.3)
    launchy (2.0.5)
      addressable (~> 2.2.6)
    main (4.6.0)
      arrayfields (>= 4.7.4)
      fattr (>= 2.1.0)
      map (>= 2.0.0)
    map (4.2.0)
    metric_fu (2.0.1)
      Saikuro (>= 1.1.0)
      activesupport (>= 2.0.0)
      chronic (~> 0.2.3)
      churn (>= 0.0.7)
      flay (>= 1.2.1)
      flog (>= 2.2.0)
      rails_best_practices (>= 0.3.16)
      rcov (>= 0.8.3.3)
      reek (>= 1.2.6)
      roodi (>= 2.1.0)
    mime-types (1.17.2)
    mocha (0.9.4)
      rake
    rack (1.1.6)
    rails (2.3.11)
      actionmailer (= 2.3.11)
      actionpack (= 2.3.11)
      activerecord (= 2.3.11)
      activeresource (= 2.3.11)
      activesupport (= 2.3.11)
      rake (>= 0.8.3)
    rails_best_practices (0.10.0)
      activesupport
      colored
      erubis
      haml
      i18n
      ruby-progressbar
      ruby_parser
    rake (0.8.7)
    rcov (0.9.9)
    reek (1.2.8)
      ruby2ruby (~> 1.2)
      ruby_parser (~> 2.0)
      sexp_processor (~> 3.0)
    remarkable (3.1.11)
      rspec (>= 1.2.0)
    remarkable_activerecord (3.1.11)
      remarkable (~> 3.1.11)
      rspec (>= 1.2.0)
    remarkable_rails (3.1.11)
      remarkable (~> 3.1.11)
      remarkable_activerecord (~> 3.1.11)
      rspec (>= 1.2.0)
      rspec-rails (>= 1.2.0)
    responders (0.4)
    rest-client (1.6.7)
      mime-types (>= 1.16)
    roodi (2.1.0)
      ruby_parser
    rspec (1.2.9)
    rspec-rails (1.2.9)
      rack (>= 1.0.0)
      rspec (>= 1.2.9)
    ruby-progressbar (0.0.10)
    ruby2ruby (1.2.5)
      ruby_parser (~> 2.0)
      sexp_processor (~> 3.0)
    ruby_parser (2.0.6)
      sexp_processor (~> 3.0)
    rubyzip (0.9.5)
    seed-fu (1.2.1)
      rails (>= 2.1)
    sexp_processor (3.0.5)
    sqlite3 (1.3.3)
    sqlite3-ruby (1.3.3)
      sqlite3 (>= 1.3.3)
    state_machine (0.8.0)
    term-ansicolor (1.0.7)
    will_paginate (2.3.11)

PLATFORMS
  ruby

DEPENDENCIES
  RedCloth
  acts-as-taggable-on (= 1.0.18)
  acts_as_commentable (= 2.0.2)
  authlogic (= 2.1.3)
  brhelper (= 2.1.10)
  cancan (= 1.0.2)
  chronic (= 0.2.3)
  dry_scaffold (= 0.3.7)
  factory_girl (= 1.2.3)
  formtastic (= 0.9.7)
  haml (= 2.2.10)
  has_scope (= 0.4)
  heroku
  hoe (= 2.8.0)
  inherited_resources (= 1.0.0)
  metric_fu
  mocha (= 0.9.4)
  rails (= 2.3.11)
  rake (= 0.8.7)
  remarkable (= 3.1.11)
  remarkable_activerecord (= 3.1.11)
  remarkable_rails (= 3.1.11)
  responders (= 0.4)
  rspec (= 1.2.9)
  rspec-rails (= 1.2.9)
  seed-fu (= 1.2.1)
  sqlite3-ruby
  state_machine (= 0.8.0)
  will_paginate (= 2.3.11)
